PATH
  remote: .
  specs:
    snail (0.5.7)
      activesupport (>= 3.0.0)

GEM
  remote: http://rubygems.org/
  specs:
    activesupport (3.1.3)
      multi_json (~> 1.0)
    metaclass (0.0.1)
    minitest (2.9.1)
    mocha (0.10.0)
      metaclass (~> 0.0.1)
    multi_json (1.0.4)
    rake (0.8.7)

PLATFORMS
  ruby

DEPENDENCIES
  minitest (~> 2.9.1)
  mocha (~> 0.10.0)
  rake (~> 0.8.7)
  snail!
